GEM
  remote: https://rubygems.org/
  specs:
    date (3.3.1)
    mini_portile2 (2.6.1)
    nokogiri (1.12.5)
      mini_portile2 (~> 2.6.1)
      racc (~> 1.4)
    open-uri (0.3.0)
      stringio
      time
      uri
    racc (1.6.2)
    stringio (3.0.5)
    time (0.2.1)
      date
    uri (0.12.0)

PLATFORMS
  ruby

DEPENDENCIES
  nokogiri
  open-uri

BUNDLED WITH
   1.16.6
